GEM
  remote: https://rubygems.org/
  specs:
    tty-cursor (0.6.1)
    tty-spinner (0.9.0)
      tty-cursor (~> 0.6.0)

PLATFORMS
  x64-mingw32

DEPENDENCIES
  tty-spinner

BUNDLED WITH
   2.0.1
